GEM
  remote: https://rubygems.org/
  specs:
    erubi (1.13.0)
    thor (1.3.2)
    tmuxinator (3.3.1)
      erubi (~> 1.7)
      thor (~> 1.3.0)
      xdg (~> 2.2, >= 2.2.5)
    xdg (2.2.5)

PLATFORMS
  ruby

DEPENDENCIES
  tmuxinator

BUNDLED WITH
   2.1.4
