GEM
  remote: https://rubygems.org/
  specs:
    erubis (2.7.0)
    thor (0.20.3)
    tmuxinator (1.1.1)
      erubis (~> 2.6)
      thor (~> 0.19, >= 0.15.0)
      xdg (~> 2.2, >= 2.2.5)
    xdg (2.2.5)

PLATFORMS
  ruby

DEPENDENCIES
  tmuxinator

BUNDLED WITH
   1.17.3
