GEM
  remote: https://rubygems.org/
  specs:
    erubis (2.7.0)
    thor (0.20.0)
    tmuxinator (0.11.1)
      erubis (~> 2.6)
      thor (~> 0.19, >= 0.15.0)
      xdg (~> 2.2, >= 2.2.3)
    xdg (2.2.3)

PLATFORMS
  ruby

DEPENDENCIES
  tmuxinator

BUNDLED WITH
   1.16.1
