GEM
  remote: https://rubygems.org/
  specs:
    erubis (2.7.0)
    thor (1.0.1)
    tmuxinator (1.1.4)
      erubis (~> 2.6)
      thor (~> 1.0)
      xdg (~> 2.2, >= 2.2.5)
    xdg (2.2.5)

PLATFORMS
  ruby

DEPENDENCIES
  tmuxinator

BUNDLED WITH
   1.17.3
